FRAMEWORK: NET45
NUGET
  remote: https://www.nuget.org/api/v2
    FAKE (4.29)
    FParsec (1.0.2)
    FSharp.Compiler.Service (3.0)
    FSharp.Compiler.Service.ProjectCracker (3.0)
    FSharp.Core (4.0.0.1) - redirects: on
    FSharpLint.Core (0.4.2)
      FParsec
      FSharp.Compiler.Service
      FSharp.Compiler.Service.ProjectCracker
    Mono.Cecil (0.9.6.1)
    NDesk.Options (0.2.1)
    Newtonsoft.Json (8.0.3)
    NUnit (3.2.1)
    NUnit.ConsoleRunner (3.2.1)
    NUnit.Extension.NUnitProjectLoader (3.2.1)
    NUnit.Extension.NUnitV2Driver (3.2.1)
    NUnit.Extension.NUnitV2ResultWriter (3.2.1)
    NUnit.Extension.VSProjectLoader (3.2.1)
    NUnit.Runners (3.2.1)
      NUnit.ConsoleRunner (3.2.1)
      NUnit.Extension.NUnitProjectLoader (3.2.1)
      NUnit.Extension.NUnitV2Driver (3.2.1)
      NUnit.Extension.NUnitV2ResultWriter (3.2.1)
      NUnit.Extension.VSProjectLoader (3.2.1)
    Octokit (0.20)
    Suave (1.1.2)
      FSharp.Core (>= 3.1.2.5)
